GEM
  remote: https://rubygems.org/
  specs:
    colorize (0.8.1)
    minruby (1.0.4)

PLATFORMS
  ruby

DEPENDENCIES
  colorize
  minruby

BUNDLED WITH
   1.16.4
